GEM
  remote: http://rubygems.org/
  specs:
    diff-lcs (1.2.5)
    highline (1.6.21)
    net-ssh (2.8.0)
    rake (10.1.1)
    rspec (2.14.1)
      rspec-core (~> 2.14.0)
      rspec-expectations (~> 2.14.0)
      rspec-mocks (~> 2.14.0)
    rspec-core (2.14.8)
    rspec-expectations (2.14.5)
      diff-lcs (>= 1.1.3, < 2.0)
    rspec-mocks (2.14.6)
    serverspec (0.15.5)
      highline
      net-ssh
      rspec (~> 2.13)
      specinfra (>= 0.7.1)
    specinfra (0.8.0)

PLATFORMS
  ruby

DEPENDENCIES
  rake
  serverspec
